GIT
  remote: https://github.com/sean-dickinson/advent_of_code_cli.git
  revision: 8879f8c8d6d147cec3bf5d6cadb39b97feec9e71
  specs:
    advent_of_code_cli (0.1.7)
      thor (>= 1.2.0)

GEM
  remote: https://rubygems.org/
  specs:
    ast (2.4.2)
    base64 (0.1.2)
    debug (1.8.0)
      irb (>= 1.5.0)
      reline (>= 0.3.1)
    diff-lcs (1.5.0)
    io-console (0.6.0)
    irb (1.6.2)
      reline (>= 0.3.0)
    json (2.8.2)
    language_server-protocol (3.17.0.3)
    lint_roller (1.1.0)
    parallel (1.26.3)
    parser (3.3.6.0)
      ast (~> 2.4.1)
      racc
    racc (1.8.1)
    rainbow (3.1.1)
    regexp_parser (2.9.3)
    reline (0.3.2)
      io-console (~> 0.5)
    rexml (3.3.9)
    rspec (3.12.0)
      rspec-core (~> 3.12.0)
      rspec-expectations (~> 3.12.0)
      rspec-mocks (~> 3.12.0)
    rspec-collection_matchers (1.2.0)
      rspec-expectations (>= 2.99.0.beta1)
    rspec-core (3.12.0)
      rspec-support (~> 3.12.0)
    rspec-expectations (3.12.0)
      diff-lcs (>= 1.2.0, < 2.0)
      rspec-support (~> 3.12.0)
    rspec-mocks (3.12.0)
      diff-lcs (>= 1.2.0, < 2.0)
      rspec-support (~> 3.12.0)
    rspec-support (3.12.0)
    rubocop (1.56.4)
      base64 (~> 0.1.1)
      json (~> 2.3)
      language_server-protocol (>= 3.17.0)
      parallel (~> 1.10)
      parser (>= 3.2.2.3)
      rainbow (>= 2.2.2, < 4.0)
      regexp_parser (>= 1.8, < 3.0)
      rexml (>= 3.2.5, < 4.0)
      rubocop-ast (>= 1.28.1, < 2.0)
      ruby-progressbar (~> 1.7)
      unicode-display_width (>= 2.4.0, < 3.0)
    rubocop-ast (1.36.2)
      parser (>= 3.3.1.0)
    rubocop-performance (1.22.1)
      rubocop (>= 1.48.1, < 2.0)
      rubocop-ast (>= 1.31.1, < 2.0)
    ruby-progressbar (1.13.0)
    standard (1.31.2)
      language_server-protocol (~> 3.17.0.2)
      lint_roller (~> 1.0)
      rubocop (~> 1.56.4)
      standard-custom (~> 1.0.0)
      standard-performance (~> 1.2)
    standard-custom (1.0.2)
      lint_roller (~> 1.0)
      rubocop (~> 1.50)
    standard-performance (1.5.0)
      lint_roller (~> 1.1)
      rubocop-performance (~> 1.22.0)
    thor (1.3.0)
    unicode-display_width (2.6.0)

PLATFORMS
  x86_64-darwin-20
  x86_64-darwin-21
  x86_64-darwin-23

DEPENDENCIES
  advent_of_code_cli!
  debug
  rspec
  rspec-collection_matchers
  standard (~> 1.31.0)

BUNDLED WITH
   2.3.13
